GEM
  remote: https://rubygems.org/
  specs:
    gem-wrappers (1.4.0)

PLATFORMS
  ruby

DEPENDENCIES
  gem-wrappers

BUNDLED WITH
   2.1.4
